GEM
  remote: http://rubygems.org/
  specs:
    cuba (3.0.0)
      rack
    kgio (2.7.4)
    nokogiri (1.5.2)
    rack (1.4.1)
    raindrops (0.8.0)
    unicorn (4.2.1)
      kgio (~> 2.6)
      rack
      raindrops (~> 0.7)

PLATFORMS
  ruby

DEPENDENCIES
  cuba
  nokogiri
  unicorn
