GEM
  remote: http://rubygems.org/
  specs:
    cuba (3.0.0)
      rack
    nokogiri (1.5.2)
    rack (1.4.1)

PLATFORMS
  ruby

DEPENDENCIES
  cuba
  nokogiri
